GEM
  remote: https://rubygems.org/
  specs:
    catalogue (0.0.1)

PLATFORMS
  ruby

DEPENDENCIES
  catalogue (= 0.0.1)

BUNDLED WITH
   2.1.4
